GIT
  remote: https://github.com/yob/pdf-reader.git
  revision: 1f034aa035eeadf9b9b3365e87eb52e833ded0dd
  ref: 1f034aa035eea
  specs:
    pdf-reader (1.3.3)
      Ascii85 (~> 1.0.0)
      afm (~> 0.2.0)
      hashery (~> 2.0)
      ruby-rc4
      ttfunk

GEM
  remote: https://rubygems.org/
  specs:
    Ascii85 (1.0.2)
    addressable (2.3.5)
    afm (0.2.0)
    coderay (1.1.0)
    crack (0.4.1)
      safe_yaml (~> 0.9.0)
    domain_name (0.5.15)
      unf (>= 0.0.5, < 1.0.0)
    hashery (2.1.1)
    hashie (2.0.5)
    http-cookie (1.0.2)
      domain_name (~> 0.5)
    interception (0.3)
    mechanize (2.7.3)
      domain_name (~> 0.5, >= 0.5.1)
      http-cookie (~> 1.0)
      mime-types (~> 2.0)
      net-http-digest_auth (~> 1.1, >= 1.1.1)
      net-http-persistent (~> 2.5, >= 2.5.2)
      nokogiri (~> 1.4)
      ntlm-http (~> 0.1, >= 0.1.1)
      webrobots (>= 0.0.9, < 0.2)
    method_source (0.8.2)
    mime-types (2.0)
    mini_portile (0.5.2)
    net-http-digest_auth (1.4)
    net-http-persistent (2.9)
    nokogiri (1.6.1)
      mini_portile (~> 0.5.0)
    ntlm-http (0.1.1)
    pry (0.9.12.4)
      coderay (~> 1.0)
      method_source (~> 0.8)
      slop (~> 3.4)
    pry-nav (0.2.3)
      pry (~> 0.9.10)
    pry-rescue (1.2.0)
      interception (>= 0.3)
      pry
    ruby-rc4 (0.1.5)
    rubyzip (1.1.0)
    safe_yaml (0.9.7)
    slop (3.4.7)
    ttfunk (1.0.3)
    unf (0.1.3)
      unf_ext
    unf_ext (0.0.6)
    vcr (2.8.0)
    webmock (1.16.1)
      addressable (>= 2.2.7)
      crack (>= 0.3.2)
    webrobots (0.1.1)

PLATFORMS
  ruby

DEPENDENCIES
  hashie
  mechanize
  pdf-reader!
  pry
  pry-nav
  pry-rescue
  rubyzip
  vcr
  webmock
